PATH
  remote: .
  specs:
    geet (0.3.1)
      simple_scripting (~> 0.9.4)
      temp-fork-tp-filter (= 0.0.3)

GEM
  remote: https://rubygems.org/
  specs:
    addressable (2.5.2)
      public_suffix (>= 2.0.2, < 4.0)
    ast (2.3.0)
    byebug (9.1.0)
    crack (0.4.3)
      safe_yaml (~> 1.0.0)
    diff-lcs (1.3)
    equatable (0.5.0)
    hashdiff (0.3.7)
    hitimes (1.2.6)
    necromancer (0.4.0)
    parallel (1.12.1)
    parseconfig (1.0.8)
    parser (2.4.0.2)
      ast (~> 2.3)
    pastel (0.7.2)
      equatable (~> 0.5.0)
      tty-color (~> 0.4.0)
    powerpack (0.1.1)
    public_suffix (3.0.1)
    rainbow (3.0.0)
    rake (12.3.0)
    rspec (3.7.0)
      rspec-core (~> 3.7.0)
      rspec-expectations (~> 3.7.0)
      rspec-mocks (~> 3.7.0)
    rspec-core (3.7.0)
      rspec-support (~> 3.7.0)
    rspec-expectations (3.7.0)
      diff-lcs (>= 1.2.0, < 2.0)
      rspec-support (~> 3.7.0)
    rspec-mocks (3.7.0)
      diff-lcs (>= 1.2.0, < 2.0)
      rspec-support (~> 3.7.0)
    rspec-support (3.7.0)
    rubocop (0.52.0)
      parallel (~> 1.10)
      parser (>= 2.4.0.2, < 3.0)
      powerpack (~> 0.1)
      rainbow (>= 2.2.2, < 4.0)
      ruby-progressbar (~> 1.7)
      unicode-display_width (~> 1.0, >= 1.0.1)
    ruby-progressbar (1.9.0)
    safe_yaml (1.0.4)
    simple_scripting (0.9.4)
      parseconfig (~> 1.0)
    temp-fork-tp-filter (0.0.3)
      necromancer (~> 0.4.0)
      pastel (~> 0.7.0)
      timers (~> 4.1.2)
      tty-cursor (~> 0.5.0)
      tty-reader (~> 0.2.0)
    timers (4.1.2)
      hitimes
    tty-color (0.4.2)
    tty-cursor (0.5.0)
    tty-reader (0.2.0)
      tty-cursor (~> 0.5.0)
      tty-screen (~> 0.6.4)
      wisper (~> 2.0.0)
    tty-screen (0.6.4)
    unicode-display_width (1.3.0)
    vcr (3.0.3)
    webmock (3.1.1)
      addressable (>= 2.3.6)
      crack (>= 0.3.2)
      hashdiff
    wisper (2.0.0)

PLATFORMS
  ruby

DEPENDENCIES
  byebug (~> 9.1.0)
  geet!
  rake (~> 12.3.0)
  rspec (~> 3.7.0)
  rubocop (~> 0.52.0)
  vcr (~> 3.0.3)
  webmock (~> 3.1.1)

BUNDLED WITH
   1.16.1
